PATH
  remote: .
  specs:
    twilio_resource (0.1.1)
      reactive_resource (~> 0.5.1)

GEM
  remote: http://rubygems.org/
  specs:
    activemodel (3.0.4)
      activesupport (= 3.0.4)
      builder (~> 2.1.2)
      i18n (~> 0.4)
    activeresource (3.0.4)
      activemodel (= 3.0.4)
      activesupport (= 3.0.4)
    activesupport (3.0.4)
    builder (2.1.2)
    i18n (0.5.0)
    rake (0.8.7)
    reactive_resource (0.5.1)
      activeresource (>= 2.3.10)

PLATFORMS
  ruby

DEPENDENCIES
  rake
  twilio_resource!
